PATH
  remote: .
  specs:
    rails3_acts_as_paranoid (0.1.1)
      activerecord (~> 3.2)

GEM
  remote: http://rubygems.org/
  specs:
    activemodel (3.2.1)
      activesupport (= 3.2.1)
      builder (~> 3.0.0)
    activerecord (3.2.1)
      activemodel (= 3.2.1)
      activesupport (= 3.2.1)
      arel (~> 3.0.0)
      tzinfo (~> 0.3.29)
    activesupport (3.2.1)
      i18n (~> 0.6)
      multi_json (~> 1.0)
    arel (3.0.2)
    builder (3.0.0)
    i18n (0.6.0)
    multi_json (1.1.0)
    rake (0.9.2.2)
    sqlite3 (1.3.5)
    sqlite3-ruby (1.3.3)
      sqlite3 (>= 1.3.3)
    tzinfo (0.3.31)

PLATFORMS
  ruby

DEPENDENCIES
  activesupport (~> 3.2)
  rails3_acts_as_paranoid!
  rake
  sqlite3-ruby
